PATH
  remote: .
  specs:
    srice_view_tool (0.1.1)

GEM
  remote: https://rubygems.org/
  specs:
    rake (10.5.0)

PLATFORMS
  ruby

DEPENDENCIES
  bundler (~> 1.17)
  rake (~> 10.0)
  srice_view_tool!

BUNDLED WITH
   1.17.3
